PATH
  remote: .
  specs:
    big_brother (1.0.0)
      statsd-instrument (~> 2.0.10)

GEM
  remote: http://www.rubygems.org/
  specs:
    activesupport (4.2.3)
      i18n (~> 0.7)
      json (~> 1.7, >= 1.7.7)
      minitest (~> 5.1)
      thread_safe (~> 0.3, >= 0.3.4)
      tzinfo (~> 1.1)
    awesome_print (1.7.0)
    diff-lcs (1.2.5)
    dogapi (1.25.0)
      multi_json
    i18n (0.8.1)
    json (1.8.6)
    minitest (5.10.1)
    multi_json (1.12.1)
    oj (2.12.12)
    rspec (3.4.0)
      rspec-core (~> 3.4.0)
      rspec-expectations (~> 3.4.0)
      rspec-mocks (~> 3.4.0)
    rspec-core (3.4.3)
      rspec-support (~> 3.4.0)
    rspec-expectations (3.4.0)
      diff-lcs (>= 1.2.0, < 2.0)
      rspec-support (~> 3.4.0)
    rspec-mocks (3.4.1)
      diff-lcs (>= 1.2.0, < 2.0)
      rspec-support (~> 3.4.0)
    rspec-support (3.4.1)
    statsd-instrument (2.0.10)
    thread_safe (0.3.6)
    tzinfo (1.2.2)
      thread_safe (~> 0.1)

PLATFORMS
  ruby

DEPENDENCIES
  activesupport (~> 4.2.3)
  awesome_print
  big_brother!
  dogapi
  oj
  rspec

BUNDLED WITH
   1.14.6
