PATH
  remote: .
  specs:
    big_brother (1.0.0)
      statsd-instrument (~> 2.0.10)

GEM
  remote: http://www.rubygems.org/
  specs:
    actionview (4.2.3)
      activesupport (= 4.2.3)
      builder (~> 3.1)
      erubis (~> 2.7.0)
      rails-dom-testing (~> 1.0, >= 1.0.5)
      rails-html-sanitizer (~> 1.0, >= 1.0.2)
    activesupport (4.2.3)
      i18n (~> 0.7)
      json (~> 1.7, >= 1.7.7)
      minitest (~> 5.1)
      thread_safe (~> 0.3, >= 0.3.4)
      tzinfo (~> 1.1)
    awesome_print (1.7.0)
    builder (3.2.3)
    crass (1.0.2)
    diff-lcs (1.2.5)
    dogapi (1.25.0)
      multi_json
    erubis (2.7.0)
    hirb (0.7.3)
    i18n (0.8.1)
    json (1.8.6)
    loofah (2.1.1)
      crass (~> 1.0.2)
      nokogiri (>= 1.5.9)
    mini_portile2 (2.3.0)
    minitest (5.10.1)
    multi_json (1.12.1)
    nokogiri (1.8.1)
      mini_portile2 (~> 2.3.0)
    oj (2.12.12)
    rails-deprecated_sanitizer (1.0.3)
      activesupport (>= 4.2.0.alpha)
    rails-dom-testing (1.0.8)
      activesupport (>= 4.2.0.beta, < 5.0)
      nokogiri (~> 1.6)
      rails-deprecated_sanitizer (>= 1.0.1)
    rails-html-sanitizer (1.0.3)
      loofah (~> 2.0)
    rspec (3.4.0)
      rspec-core (~> 3.4.0)
      rspec-expectations (~> 3.4.0)
      rspec-mocks (~> 3.4.0)
    rspec-core (3.4.3)
      rspec-support (~> 3.4.0)
    rspec-expectations (3.4.0)
      diff-lcs (>= 1.2.0, < 2.0)
      rspec-support (~> 3.4.0)
    rspec-mocks (3.4.1)
      diff-lcs (>= 1.2.0, < 2.0)
      rspec-support (~> 3.4.0)
    rspec-support (3.4.1)
    statsd-instrument (2.0.10)
    thread_safe (0.3.6)
    tzinfo (1.2.2)
      thread_safe (~> 0.1)

PLATFORMS
  ruby

DEPENDENCIES
  actionview (~> 4.2.3)
  activesupport (~> 4.2.3)
  awesome_print
  big_brother!
  dogapi
  hirb
  oj
  rspec

BUNDLED WITH
   1.14.6
